GEM
  remote: https://rubygems.org/
  specs:
    backports (3.11.3)
    builder (3.2.3)
    childprocess (0.9.0)
      ffi (~> 1.0, >= 1.0.11)
    concurrent-ruby (1.0.5)
    cucumber (3.1.0)
      builder (>= 2.1.2)
      cucumber-core (~> 3.1.0)
      cucumber-expressions (~> 5.0.4)
      cucumber-wire (~> 0.0.1)
      diff-lcs (~> 1.3)
      gherkin (~> 5.0)
      multi_json (>= 1.7.5, < 2.0)
      multi_test (>= 0.1.2)
    cucumber-core (3.1.0)
      backports (>= 3.8.0)
      cucumber-tag_expressions (~> 1.1.0)
      gherkin (>= 5.0.0)
    cucumber-expressions (5.0.17)
    cucumber-tag_expressions (1.1.1)
    cucumber-wire (0.0.1)
    data_magic (1.2)
      faker (>= 1.1.2)
      yml_reader (>= 0.6)
    diff-lcs (1.3)
    env (0.3.0)
    faker (1.8.7)
      i18n (>= 0.7)
    ffi (1.9.23-x64-mingw32)
    gherkin (5.0.0)
    i18n (1.0.1)
      concurrent-ruby (~> 1.0)
    lib (2.0.2)
    multi_json (1.13.1)
    multi_test (0.1.2)
    page-object (2.2.4)
      page_navigation (>= 0.10)
      selenium-webdriver (~> 3.0)
      watir (~> 6.8)
    page_navigation (0.10)
      data_magic (>= 0.22)
    power_assert (1.1.1)
    require_all (2.0.0)
    rr (1.2.1)
    rubyzip (1.2.1)
    selenium-webdriver (3.12.0)
      childprocess (~> 0.5)
      rubyzip (~> 1.2)
    test-unit (3.2.7)
      power_assert
    test-unit-context (0.5.1)
      test-unit (>= 2.4.0)
    test-unit-full (0.0.5)
      test-unit
      test-unit-context
      test-unit-notify
      test-unit-rr
      test-unit-runner-tap
    test-unit-notify (1.0.4)
      test-unit (>= 2.4.9)
    test-unit-rr (1.0.5)
      rr (>= 1.1.1)
      test-unit (>= 2.5.2)
    test-unit-runner-tap (1.1.2)
      test-unit
    watir (6.10.3)
      selenium-webdriver (~> 3.4, >= 3.4.1)
    yml_reader (0.7)

PLATFORMS
  x64-mingw32

DEPENDENCIES
  concurrent-ruby
  cucumber
  env
  lib
  page-object
  require_all
  test-unit
  test-unit-full
  watir

BUNDLED WITH
   1.16.2
